PATH
  remote: .
  specs:
    melomel (0.6.4)
      nokogiri (~> 1.4.3)

GEM
  remote: http://rubygems.org/
  specs:
    builder (3.0.0)
    cucumber (0.10.0)
      builder (>= 2.1.2)
      diff-lcs (~> 1.1.2)
      gherkin (~> 2.3.2)
      json (~> 1.4.6)
      term-ansicolor (~> 1.0.5)
    diff-lcs (1.1.2)
    gherkin (2.3.3)
      json (~> 1.4.6)
    gherkin (2.3.3-x86-mingw32)
      json (~> 1.4.6)
    json (1.4.6)
    json (1.4.6-x86-mingw32)
    minitest (1.7.2)
    mocha (0.9.8)
      rake
    nokogiri (1.4.7)
    rake (0.8.7)
    rspec (2.6.0)
      rspec-core (~> 2.6.0)
      rspec-expectations (~> 2.6.0)
      rspec-mocks (~> 2.6.0)
    rspec-core (2.6.4)
    rspec-expectations (2.6.0)
      diff-lcs (~> 1.1.2)
    rspec-mocks (2.6.0)
    term-ansicolor (1.0.5)

PLATFORMS
  ruby
  x86-mingw32

DEPENDENCIES
  cucumber (~> 0.10.0)
  melomel!
  minitest (~> 1.7.0)
  mocha (~> 0.9.8)
  rake (~> 0.8.7)
  rspec (~> 2.6.0)
